GEM
  remote: http://rubygems.org/
  specs:
    chunky_png (1.2.5)
    classifier (1.3.3)
      fast-stemmer (>= 1.0.0)
    compass (0.11.5)
      chunky_png (~> 1.2)
      fssm (>= 0.2.7)
      sass (~> 3.1)
    directory_watcher (1.4.1)
    fast-stemmer (1.0.0)
    fssm (0.2.7)
    haml (3.1.3)
    jekyll (0.6.2)
      classifier (>= 1.3.1)
      directory_watcher (>= 1.1.1)
      liquid (>= 1.9.0)
      maruku (>= 0.5.9)
    kgio (2.6.0)
    liquid (2.3.0)
    maruku (0.6.0)
      syntax (>= 1.0.0)
    rack (1.2.4)
    rack-jekyll (0.3.7)
      jekyll (~> 0.6.2)
      rack (~> 1.2.1)
    raindrops (0.8.0)
    sass (3.1.10)
    syntax (1.0.0)
    unicorn (4.1.1)
      kgio (~> 2.4)
      rack
      raindrops (~> 0.6)

PLATFORMS
  ruby

DEPENDENCIES
  bundler
  chunky_png
  classifier
  compass
  directory_watcher
  fast-stemmer
  fssm
  haml
  jekyll
  kgio
  liquid
  maruku
  rack
  rack-jekyll
  raindrops
  sass
  syntax
  unicorn
